GEM
  remote: https://rubygems.org/
  specs:
    mustermann (1.0.3)
    nokogiri (1.8.4-java)
    pg (1.0.0)
    rack (2.0.5)
    rack-protection (2.0.3)
      rack
    sinatra (2.0.3)
      mustermann (~> 1.0)
      rack (~> 2.0)
      rack-protection (= 2.0.3)
      tilt (~> 2.0)
    tilt (2.0.8)

PLATFORMS
  java

DEPENDENCIES
  nokogiri
  pg
  sinatra

BUNDLED WITH
   1.16.3
